PATH
  remote: .
  specs:
    admin-utils (1.0.0)
      log4r (~> 1.1.10)
      pg (~> 0.14.0)

GEM
  remote: https://rubygems.org/
  specs:
    devver-construct (1.1.0)
    diff-lcs (1.2.4)
    fake_ftp (0.0.9)
    log4r (1.1.10)
    pg (0.14.1)
    rake (0.9.2.2)
    rspec (2.13.0)
      rspec-core (~> 2.13.0)
      rspec-expectations (~> 2.13.0)
      rspec-mocks (~> 2.13.0)
    rspec-core (2.13.1)
    rspec-expectations (2.13.0)
      diff-lcs (>= 1.1.3, < 2.0)
    rspec-mocks (2.13.1)

PLATFORMS
  ruby

DEPENDENCIES
  admin-utils!
  devver-construct (~> 1.1.0)
  fake_ftp (~> 0.0.9)
  rake (~> 0.9.2.2)
  rspec (~> 2.10)
